GIT
  remote: git://github.com/ysbaddaden/minitest-colorize.git
  revision: 81f2dd6aee81c83debc31572608fa89d6d9e1a19
  specs:
    minitest-colorize (0.0.6.pre)
      minitest (>= 5.2)

GEM
  remote: https://rubygems.org/
  specs:
    minitest (5.5.0)
    rack (1.6.0.beta2)
    rake (10.4.2)

PLATFORMS
  ruby

DEPENDENCIES
  minitest
  minitest-colorize!
  rack (~> 1.6.0.beta2)
  rake
